GIT
  remote: https://github.com/openflighthpc/flight_auth
  revision: 297cb7241b820d334e5d593c4e237a81b83a9995
  branch: 297cb7241b820d334e5d593c4e237a81b83a9995
  specs:
    flight_auth (0.1.0)
      jwt (~> 2.2)
      slop (~> 4.8)

GIT
  remote: https://github.com/openflighthpc/flight_configuration.git
  revision: 2cbc8c4b698c71d2fd18edb082fff5110701cb7e
  tag: 0.4.0
  specs:
    flight_configuration (0.1.0)

GIT
  remote: https://github.com/openflighthpc/tty-table.git
  revision: 9b326fcbe04968463da58c000fbb1dd5ce178243
  branch: 9b326fcbe04968463da58c000fbb1dd5ce178243
  specs:
    tty-table (0.12.0)
      pastel (~> 0.8)
      strings (~> 0.2.0)
      tty-screen (~> 0.8)

GEM
  remote: https://rubygems.org/
  specs:
    activemodel (5.2.6)
      activesupport (= 5.2.6)
    activesupport (5.2.6)
      concurrent-ruby (~> 1.0, >= 1.0.2)
      i18n (>= 0.7, < 2)
      minitest (~> 5.1)
      tzinfo (~> 1.1)
    byebug (11.1.3)
    coderay (1.1.3)
    commander-openflighthpc (2.2.0)
      highline (> 1.7.2)
      paint (~> 2.1.0)
      slop (~> 4.8)
    concurrent-ruby (1.1.9)
    diff-lcs (1.4.4)
    dotenv (2.7.6)
    ecma-re-validator (0.3.0)
      regexp_parser (~> 2.0)
    factory_bot (6.1.0)
      activesupport (>= 5.0.0)
    fakefs (1.3.2)
    hana (1.3.7)
    highline (2.0.3)
    i18n (1.8.10)
      concurrent-ruby (~> 1.0)
    json (2.5.1)
    json_schemer (0.2.17)
      ecma-re-validator (~> 0.3)
      hana (~> 1.3)
      regexp_parser (~> 2.0)
      uri_template (~> 0.7)
    jsonapi-serializers (1.0.1)
      activesupport
    jwt (2.2.3)
    kgio (2.11.4)
    kramdown (2.3.1)
      rexml
    method_source (1.0.0)
    mime-types (3.3.1)
      mime-types-data (~> 3.2015)
    mime-types-data (3.2021.0225)
    minitest (5.14.4)
    multi_json (1.15.0)
    mustermann (1.1.1)
      ruby2_keywords (~> 0.0.1)
    output_mode (1.6.0)
      pastel (>= 0.7)
      tty-color (>= 0.5)
      tty-table (>= 0.11)
    paint (2.1.1)
    pastel (0.8.0)
      tty-color (~> 0.5)
    pry (0.13.1)
      coderay (~> 1.1)
      method_source (~> 1.0)
    pry-byebug (3.9.0)
      byebug (~> 11.0)
      pry (~> 0.13.0)
    rack (2.2.3)
    rack-parser (0.7.0)
      rack
    rack-protection (2.1.0)
      rack
    rack-test (1.1.0)
      rack (>= 1.0, < 3)
    raindrops (0.19.2)
    rake (13.0.3)
    regexp_parser (2.0.3)
    request_store (1.5.0)
      rack (>= 1.4)
    rexml (3.2.5)
    rouge (3.26.0)
    rspec (3.10.0)
      rspec-core (~> 3.10.0)
      rspec-expectations (~> 3.10.0)
      rspec-mocks (~> 3.10.0)
    rspec-collection_matchers (1.2.0)
      rspec-expectations (>= 2.99.0.beta1)
    rspec-core (3.10.1)
      rspec-support (~> 3.10.0)
    rspec-expectations (3.10.1)
      diff-lcs (>= 1.2.0, < 2.0)
      rspec-support (~> 3.10.0)
    rspec-mocks (3.10.1)
      diff-lcs (>= 1.2.0, < 2.0)
      rspec-support (~> 3.10.0)
    rspec-support (3.10.1)
    ruby2_keywords (0.0.4)
    sinatra (2.1.0)
      mustermann (~> 1.0)
      rack (~> 2.2)
      rack-protection (= 2.1.0)
      tilt (~> 2.0)
    sinatra-contrib (2.1.0)
      multi_json
      mustermann (~> 1.0)
      rack-protection (= 2.1.0)
      sinatra (= 2.1.0)
      tilt (~> 2.0)
    sinja (1.3.0)
      activesupport (>= 4.2.8, < 6)
      json (>= 1.8.3, < 3)
      jsonapi-serializers (>= 0.16.2, < 2)
      sinatra (>= 2.0.0.rc1, < 3)
      sinatra-contrib (>= 2.0.0.rc1, < 3)
    slop (4.9.0)
    strings (0.2.1)
      strings-ansi (~> 0.2)
      unicode-display_width (>= 1.5, < 3.0)
      unicode_utils (~> 1.4)
    strings-ansi (0.2.0)
    thread_safe (0.3.6)
    tilt (2.0.10)
    tty-color (0.6.0)
    tty-cursor (0.7.1)
    tty-editor (0.7.0)
      tty-prompt (~> 0.22)
    tty-markdown (0.7.0)
      kramdown (>= 1.16.2, < 3.0)
      pastel (~> 0.8)
      rouge (~> 3.14)
      strings (~> 0.2.0)
      tty-color (~> 0.5)
      tty-screen (~> 0.8)
    tty-pager (0.14.0)
      strings (~> 0.2.0)
      tty-screen (~> 0.8)
    tty-prompt (0.23.1)
      pastel (~> 0.8)
      tty-reader (~> 0.8)
    tty-reader (0.9.0)
      tty-cursor (~> 0.7)
      tty-screen (~> 0.8)
      wisper (~> 2.0)
    tty-screen (0.8.1)
    tzinfo (1.2.9)
      thread_safe (~> 0.1)
    unicode-display_width (2.0.0)
    unicode_utils (1.4.0)
    unicorn (6.0.0)
      kgio (~> 2.6)
      raindrops (~> 0.7)
    uri_template (0.7.0)
    wisper (2.0.1)
    word_wrap (1.0.0)

PLATFORMS
  ruby

DEPENDENCIES
  activemodel
  activesupport
  commander-openflighthpc (~> 2.1)
  concurrent-ruby
  dotenv
  factory_bot
  fakefs
  flight_auth!
  flight_configuration!
  json_schemer
  mime-types
  output_mode
  pastel
  pry
  pry-byebug
  rack-parser
  rack-test
  rake
  request_store
  rspec
  rspec-collection_matchers
  sinatra
  sinja (~> 1.3)
  tty-editor
  tty-markdown
  tty-pager
  tty-prompt
  tty-table!
  unicorn (~> 6)
  word_wrap

BUNDLED WITH
   2.1.4
