GIT
  remote: https://github.com/openflighthpc/flight_auth
  revision: 297cb7241b820d334e5d593c4e237a81b83a9995
  branch: 297cb7241b820d334e5d593c4e237a81b83a9995
  specs:
    flight_auth (0.1.0)
      jwt (~> 2.2)
      slop (~> 4.8)

GIT
  remote: https://github.com/openflighthpc/flight_configuration
  revision: d0e91bb7dcd36ab57e822b9c1b57c56348ab1b0b
  branch: master
  tag: 0.6.0
  specs:
    flight_configuration (0.5.0)

GEM
  remote: https://rubygems.org/
  specs:
    activemodel (5.2.4.4)
      activesupport (= 5.2.4.4)
    activesupport (5.2.4.4)
      concurrent-ruby (~> 1.0, >= 1.0.2)
      i18n (>= 0.7, < 2)
      minitest (~> 5.1)
      tzinfo (~> 1.1)
    byebug (11.1.3)
    coderay (1.1.3)
    concurrent-ruby (1.1.8)
    diff-lcs (1.4.4)
    dotenv (2.7.6)
    ecma-re-validator (0.3.0)
      regexp_parser (~> 2.0)
    factory_bot (6.2.0)
      activesupport (>= 5.0.0)
    fakefs (1.3.2)
    ffi (1.0.11)
    ffi-magic (2011.04.22)
      ffi (~> 1.0.7)
    hana (1.3.7)
    i18n (1.10.0)
      concurrent-ruby (~> 1.0)
    json (2.5.1)
    json_schemer (0.2.17)
      ecma-re-validator (~> 0.3)
      hana (~> 1.3)
      regexp_parser (~> 2.0)
      uri_template (~> 0.7)
    jsonapi-serializers (1.0.1)
      activesupport
    jwt (2.2.3)
    method_source (1.0.0)
    minitest (5.15.0)
    multi_json (1.15.0)
    mustermann (1.1.1)
      ruby2_keywords (~> 0.0.1)
    nio4r (2.5.4)
    pry (0.13.1)
      coderay (~> 1.1)
      method_source (~> 1.0)
    pry-byebug (3.9.0)
      byebug (~> 11.0)
      pry (~> 0.13.0)
    puma (5.1.1)
      nio4r (~> 2.0)
    rack (2.2.3)
    rack-parser (0.7.0)
      rack
    rack-protection (2.1.0)
      rack
    rack-test (1.1.0)
      rack (>= 1.0, < 3)
    rake (13.0.3)
    regexp_parser (2.0.3)
    request_store (1.5.0)
      rack (>= 1.4)
    rspec (3.10.0)
      rspec-core (~> 3.10.0)
      rspec-expectations (~> 3.10.0)
      rspec-mocks (~> 3.10.0)
    rspec-collection_matchers (1.2.0)
      rspec-expectations (>= 2.99.0.beta1)
    rspec-core (3.10.1)
      rspec-support (~> 3.10.0)
    rspec-expectations (3.10.1)
      diff-lcs (>= 1.2.0, < 2.0)
      rspec-support (~> 3.10.0)
    rspec-mocks (3.10.1)
      diff-lcs (>= 1.2.0, < 2.0)
      rspec-support (~> 3.10.0)
    rspec-support (3.10.1)
    ruby2_keywords (0.0.4)
    sinatra (2.1.0)
      mustermann (~> 1.0)
      rack (~> 2.2)
      rack-protection (= 2.1.0)
      tilt (~> 2.0)
    sinatra-contrib (2.1.0)
      multi_json
      mustermann (~> 1.0)
      rack-protection (= 2.1.0)
      sinatra (= 2.1.0)
      tilt (~> 2.0)
    sinja (1.3.0)
      activesupport (>= 4.2.8, < 6)
      json (>= 1.8.3, < 3)
      jsonapi-serializers (>= 0.16.2, < 2)
      sinatra (>= 2.0.0.rc1, < 3)
      sinatra-contrib (>= 2.0.0.rc1, < 3)
    slop (4.9.0)
    thread_safe (0.3.6)
    tilt (2.0.10)
    tzinfo (1.2.9)
      thread_safe (~> 0.1)
    uri_template (0.7.0)

PLATFORMS
  ruby

DEPENDENCIES
  activemodel
  activesupport
  concurrent-ruby
  dotenv
  factory_bot
  fakefs
  ffi-magic
  flight_auth!
  flight_configuration!
  json_schemer
  jwt
  pry
  pry-byebug
  puma
  rack-parser
  rack-test
  rake
  request_store
  rspec
  rspec-collection_matchers
  sinatra
  sinja (~> 1.3)

BUNDLED WITH
   2.1.4
